GEM
  remote: https://rubygems.org/
  specs:
    dotenv (2.2.1)
    sequel (5.6.0)

PLATFORMS
  ruby

DEPENDENCIES
  dotenv
  sequel

BUNDLED WITH
   1.16.1
